GEM
  remote: https://rubygems.org/
  specs:
    activesupport (6.1.7.3)
      concurrent-ruby (~> 1.0, >= 1.0.2)
      i18n (>= 1.6, < 2)
      minitest (>= 5.1)
      tzinfo (~> 2.0)
      zeitwerk (~> 2.3)
    citrus (3.0.2)
    concurrent-ruby (1.2.2)
    front_matter_parser (0.2.1)
    i18n (1.13.0)
      concurrent-ruby (~> 1.0)
    minitest (5.18.0)
    paint (2.1.0)
    toml-rb (1.1.2)
      citrus (~> 3.0, > 3.0)
    tzinfo (2.0.6)
      concurrent-ruby (~> 1.0)
    unindent (1.0)
    word_wrap (1.0.0)
    zeitwerk (2.6.8)

PLATFORMS
  ruby

DEPENDENCIES
  activesupport
  front_matter_parser
  paint
  toml-rb
  unindent
  word_wrap

BUNDLED WITH
   2.0.2
